GEM
  remote: http://rubygems.org/
  specs:
    daemons (1.0.10)
    gem_plugin (0.2.3)
    mongrel (1.2.0.pre2)
      daemons (~> 1.0.10)
      gem_plugin (~> 0.2.3)
    pg (0.14.1)
    rack (1.5.0)
    rack-protection (1.3.2)
      rack
    sequel (3.43.0)
    sinatra (1.3.3)
      rack (~> 1.3, >= 1.3.6)
      rack-protection (~> 1.2)
      tilt (~> 1.3, >= 1.3.3)
    tilt (1.3.3)

PLATFORMS
  ruby

DEPENDENCIES
  mongrel (= 1.2.0.pre2)
  pg
  sequel
  sinatra
